GEM
  remote: https://rubygems.org/
  specs:
    artii (2.1.2)
    colorize (0.8.1)
    espeak-ruby (1.0.4)
    lolcat (100.0.1)
      manpages (~> 0.6.1)
      optimist (~> 3.0.0)
      paint (~> 2.1)
    manpages (0.6.1)
    optimist (3.0.1)
    paint (2.2.1)
    pastel (0.8.0)
      tty-color (~> 0.5)
    tty-color (0.6.0)
    tty-cursor (0.7.1)
    tty-prompt (0.23.1)
      pastel (~> 0.8)
      tty-reader (~> 0.8)
    tty-reader (0.9.0)
      tty-cursor (~> 0.7)
      tty-screen (~> 0.8)
      wisper (~> 2.0)
    tty-screen (0.8.1)
    wisper (2.0.1)

PLATFORMS
  x86_64-darwin-20

DEPENDENCIES
  artii (~> 2.1)
  colorize (~> 0.8.1)
  espeak-ruby (~> 1.0)
  lolcat (~> 100.0)
  tty-prompt (~> 0.23.1)

BUNDLED WITH
   2.2.18
